GEM
  remote: https://rubygems.org/
  specs:
    adelnor (0.0.6)
      rack
    chespirito (0.0.3)
      adelnor
      rack
    nio4r (2.5.9)
    puma (6.3.1)
      nio4r (~> 2.0)
    rack (3.0.8)
    rackup (2.1.0)
      rack (>= 3)
      webrick (~> 1.8)
    webrick (1.8.1)

PLATFORMS
  x86_64-linux

DEPENDENCIES
  chespirito
  puma
  rack
  rackup

BUNDLED WITH
   2.4.10
